GEM
  remote: https://rubygems.org/
  specs:
    activesupport (4.2.5)
      i18n (~> 0.7)
      json (~> 1.7, >= 1.7.7)
      minitest (~> 5.1)
      thread_safe (~> 0.3, >= 0.3.4)
      tzinfo (~> 1.1)
    blankslate (3.1.3)
    crass (1.0.2)
    dicebag (3.1.0)
      parslet (>= 1.4.0)
    ffi (1.9.10)
    hashie (3.4.3)
    i18n (0.7.0)
    json (1.8.3)
    mini_portile2 (2.0.0)
    minitest (5.8.3)
    mumble-ruby (1.1.3)
      activesupport
      hashie
      opus-ruby
      ruby_protobuf
      wavefile
    nokogiri (1.6.7.1)
      mini_portile2 (~> 2.0.0.rc2)
    nokogumbo (1.4.7)
      nokogiri
    opus-ruby (1.0.1)
      ffi
    parslet (1.7.1)
      blankslate (>= 2.0, <= 4.0)
    ruby-mpd (0.3.3)
    ruby_protobuf (0.4.11)
    sanitize (4.0.1)
      crass (~> 1.0.2)
      nokogiri (>= 1.4.4)
      nokogumbo (~> 1.4.1)
    thread_safe (0.3.5)
    tzinfo (1.2.2)
      thread_safe (~> 0.1)
    wavefile (0.6.0)

PLATFORMS
  ruby

DEPENDENCIES
  activesupport
  dicebag
  mumble-ruby
  ruby-mpd
  sanitize

BUNDLED WITH
   1.11.2
