GEM
  remote: https://rubygems.org/
  specs:
    activesupport (5.0.0)
      concurrent-ruby (~> 1.0, >= 1.0.2)
      i18n (~> 0.7)
      minitest (~> 5.1)
      tzinfo (~> 1.1)
    blankslate (3.1.3)
    concurrent-ruby (1.0.2)
    crass (1.0.2)
    dicebag (3.2.2)
      parslet (~> 1.4, >= 1.4.0)
    ffi (1.9.13)
    hashie (3.4.4)
    htmlentities (4.3.4)
    i18n (0.7.0)
    mini_portile2 (2.1.0)
    minitest (5.9.0)
    mumble-ruby (1.1.3)
      activesupport
      hashie
      opus-ruby
      ruby_protobuf
      wavefile
    nokogiri (1.6.8)
      mini_portile2 (~> 2.1.0)
      pkg-config (~> 1.1.7)
    nokogumbo (1.4.7)
      nokogiri
    opus-ruby (1.0.1)
      ffi
    parslet (1.7.1)
      blankslate (>= 2.0, <= 4.0)
    pkg-config (1.1.7)
    ruby-mpd (0.3.3)
    ruby_protobuf (0.4.11)
    sanitize (4.0.1)
      crass (~> 1.0.2)
      nokogiri (>= 1.4.4)
      nokogumbo (~> 1.4.1)
    thread_safe (0.3.5)
    tzinfo (1.2.2)
      thread_safe (~> 0.1)
    wavefile (0.7.0)

PLATFORMS
  ruby

DEPENDENCIES
  activesupport
  dicebag
  htmlentities
  mumble-ruby
  ruby-mpd
  sanitize

BUNDLED WITH
   1.12.5
