GEM
  remote: https://rubygems.org/
  specs:
    activesupport (4.2.0)
      i18n (~> 0.7)
      json (~> 1.7, >= 1.7.7)
      minitest (~> 5.1)
      thread_safe (~> 0.3, >= 0.3.4)
      tzinfo (~> 1.1)
    blankslate (3.1.3)
    crass (1.0.1)
    dicebag (3.1.0)
      parslet (>= 1.4.0)
    ffi (1.9.8)
    hashie (3.4.0)
    i18n (0.7.0)
    json (1.8.2)
    mini_portile (0.6.2)
    minitest (5.5.1)
    mumble-ruby (1.1.2)
      activesupport
      hashie
      opus-ruby
      ruby_protobuf
      wavefile
    nokogiri (1.6.6.2)
      mini_portile (~> 0.6.0)
    nokogumbo (1.2.0)
      nokogiri
    opus-ruby (1.0.1)
      ffi
    parslet (1.7.0)
      blankslate (>= 2.0, <= 4.0)
    ruby-mpd (0.3.1)
    ruby_protobuf (0.4.11)
    sanitize (3.1.2)
      crass (~> 1.0.1)
      nokogiri (>= 1.4.4)
      nokogumbo (= 1.2.0)
    thread_safe (0.3.5)
    tzinfo (1.2.2)
      thread_safe (~> 0.1)
    wavefile (0.6.0)

PLATFORMS
  ruby

DEPENDENCIES
  activesupport
  dicebag
  mumble-ruby
  ruby-mpd
  sanitize
