GEM
  remote: https://rubygems.org/
  specs:
    activesupport (5.1.5)
      concurrent-ruby (~> 1.0, >= 1.0.2)
      i18n (~> 0.7)
      minitest (~> 5.1)
      tzinfo (~> 1.1)
    concurrent-ruby (1.0.5)
    crass (1.0.3)
    dicebag (3.2.2)
      parslet (~> 1.4, >= 1.4.0)
    ffi (1.9.23)
    hashie (3.5.7)
    htmlentities (4.3.4)
    i18n (0.9.5)
      concurrent-ruby (~> 1.0)
    mini_portile2 (2.3.0)
    minitest (5.11.3)
    mumble-ruby (1.1.3)
      activesupport
      hashie
      opus-ruby
      ruby_protobuf
      wavefile
    nokogiri (1.8.2)
      mini_portile2 (~> 2.3.0)
    nokogumbo (1.5.0)
      nokogiri
    opus-ruby (1.0.1)
      ffi
    parslet (1.8.2)
    ruby-mpd (0.3.3)
    ruby_protobuf (0.4.11)
    sanitize (4.6.4)
      crass (~> 1.0.2)
      nokogiri (>= 1.4.4)
      nokogumbo (~> 1.4)
    thread_safe (0.3.6)
    tzinfo (1.2.5)
      thread_safe (~> 0.1)
    wavefile (0.8.1)

PLATFORMS
  ruby

DEPENDENCIES
  activesupport
  dicebag
  htmlentities
  mumble-ruby
  ruby-mpd
  sanitize

BUNDLED WITH
   1.16.1
